GIT
  remote: git://github.com/sinatra/sinatra.git
  revision: 18353f8e0fe8b1be10c1e56f3d7301deda841b4d
  specs:
    sinatra (1.4.6)
      rack (~> 1.4)
      rack-protection (~> 1.4)
      tilt (>= 1.3, < 3)

GEM
  remote: https://rubygems.org/
  specs:
    coffee-script (2.4.1)
      coffee-script-source
      execjs
    coffee-script-source (1.9.1.1)
    execjs (2.5.2)
    haml (4.0.6)
      tilt
    libv8 (3.16.14.3)
    rack (1.6.1)
    rack-protection (1.5.3)
      rack
    ref (1.0.5)
    sass (3.4.14)
    therubyracer (0.12.1)
      libv8 (~> 3.16.14.0)
      ref
    tilt (2.0.1)

PLATFORMS
  ruby

DEPENDENCIES
  coffee-script
  execjs
  haml
  sass
  sinatra!
  therubyracer
